GEM
  remote: https://rubygems.org/
  specs:
    base64 (0.2.0)
    connection_pool (2.4.1)
    erubi (1.13.0)
    ffi (1.17.0-arm64-darwin)
    kramdown (2.4.0)
      rexml
    listen (3.9.0)
      rb-fsevent (~> 0.10, >= 0.10.3)
      rb-inotify (~> 0.9, >= 0.9.10)
    mustermann (3.0.0)
      ruby2_keywords (~> 0.0.1)
    netrc (0.11.0)
    parallel (1.25.1)
    phlex (1.11.0)
    prism (0.30.0)
    rack (3.1.7)
    rack-protection (4.0.0)
      base64 (>= 0.1.0)
      rack (>= 3.0.0, < 4)
    rack-session (2.0.0)
      rack (>= 3.0.0)
    rack-test (2.1.0)
      rack (>= 1.3)
    rackup (2.1.0)
      rack (>= 3)
      webrick (~> 1.8)
    rb-fsevent (0.11.2)
    rb-inotify (0.11.1)
      ffi (~> 1.0)
    rbi (0.1.14)
      prism (>= 0.18.0, < 1.0.0)
      sorbet-runtime (>= 0.5.9204)
    redis (5.2.0)
      redis-client (>= 0.22.0)
    redis-client (0.22.2)
      connection_pool
    redis-rb (9001.0)
    rerun (0.14.0)
      listen (~> 3.0)
    rexml (3.3.2)
      strscan
    roda (3.82.0)
      rack
    ruby2_keywords (0.0.5)
    sinatra (4.0.0)
      mustermann (~> 3.0)
      rack (>= 3.0.0, < 4)
      rack-protection (= 4.0.0)
      rack-session (>= 2.0.0, < 3)
      tilt (~> 2.0)
    sorbet (0.5.11491)
      sorbet-static (= 0.5.11491)
    sorbet-runtime (0.5.11491)
    sorbet-static (0.5.11491-universal-darwin)
    sorbet-static-and-runtime (0.5.11491)
      sorbet (= 0.5.11491)
      sorbet-runtime (= 0.5.11491)
    spoom (1.3.3)
      erubi (>= 1.10.0)
      prism (>= 0.28.0)
      sorbet-static-and-runtime (>= 0.5.10187)
      thor (>= 0.19.2)
    strscan (3.1.0)
    tapioca (0.15.1)
      bundler (>= 2.2.25)
      netrc (>= 0.11.0)
      parallel (>= 1.21.0)
      rbi (>= 0.1.4, < 0.2)
      sorbet-static-and-runtime (>= 0.5.11087)
      spoom (>= 1.2.0)
      thor (>= 1.2.0)
      yard-sorbet
    thor (1.3.1)
    tilt (2.4.0)
    webrick (1.8.1)
    yard (0.9.36)
    yard-sorbet (0.9.0)
      sorbet-runtime
      yard

PLATFORMS
  arm64-darwin-23

DEPENDENCIES
  ffi (~> 1.17)
  kramdown (~> 2.4)
  phlex (~> 1.11)
  rack-test (~> 2.1)
  rackup (~> 2.1)
  redis (~> 5.2)
  redis-rb (~> 9001.0)
  rerun (~> 0.14.0)
  roda (~> 3.82)
  sinatra (~> 4.0)
  sorbet
  sorbet-runtime
  tapioca

BUNDLED WITH
   2.5.9
